GEM
  remote: https://rubygems.org/
  specs:
    ap (0.1.1)
      httparty (>= 0.7.7)
    coderay (1.0.8)
    httparty (0.9.0)
      multi_json (~> 1.0)
      multi_xml
    method_source (0.8.1)
    multi_json (1.3.7)
    multi_xml (0.5.1)
    pry (0.9.10)
      coderay (~> 1.0.5)
      method_source (~> 0.8)
      slop (~> 3.3.1)
    rugged (0.17.0.b7)
    slop (3.3.3)

PLATFORMS
  ruby

DEPENDENCIES
  ap
  pry
  rugged (= 0.17.0.b7)
